PATH
  remote: .
  specs:
    best_weekly_nyc_concerts_cli_gem (0.1.0)
      nokogiri

GEM
  remote: https://rubygems.org/
  specs:
    coderay (1.1.2)
    method_source (0.9.2)
    mini_portile2 (2.4.0)
    nokogiri (1.10.1)
      mini_portile2 (~> 2.4.0)
    pry (0.12.2)
      coderay (~> 1.1.0)
      method_source (~> 0.9.0)
    rake (10.5.0)
    require_all (2.0.0)

PLATFORMS
  ruby

DEPENDENCIES
  best_weekly_nyc_concerts_cli_gem!
  bundler (~> 1.17)
  pry
  rake (~> 10.0)
  require_all

BUNDLED WITH
   1.17.3
